GEM
  remote: https://rubygems.org/
  specs:
    ast (2.4.2)
    concurrent-ruby (1.3.4)
    deep_merge (1.2.2)
    diff-lcs (1.5.1)
    domain_name (0.6.20240107)
    facter (4.9.0)
      hocon (~> 1.3)
      thor (>= 1.0.1, < 1.3)
    facterdb (3.4.0)
      facter (< 5.0.0)
      jgrep (~> 1.5, >= 1.5.4)
    fast_gettext (3.1.0)
      prime
    forwardable (1.3.3)
    getoptlong (0.2.1)
    hiera (3.12.0)
    hocon (1.4.0)
    http-accept (1.7.0)
    http-cookie (1.0.7)
      domain_name (~> 0.5)
    jgrep (1.5.4)
    json (2.7.2)
    language_server-protocol (3.17.0.3)
    locale (2.1.4)
    logger (1.6.1)
    mime-types (3.6.0)
      logger
      mime-types-data (~> 3.2015)
    mime-types-data (3.2024.1001)
    minitar (0.12.1)
    mocha (2.4.5)
      ruby2_keywords (>= 0.0.5)
    multi_json (1.15.0)
    netrc (0.11.0)
    parallel (1.26.3)
    parser (3.3.5.0)
      ast (~> 2.4.1)
      racc
    pathspec (2.1.0)
    prime (0.1.2)
      forwardable
      singleton
    puppet (8.9.0)
      concurrent-ruby (~> 1.0)
      deep_merge (~> 1.0)
      facter (>= 4.3.0, < 5)
      fast_gettext (>= 2.1, < 4)
      getoptlong (~> 0.2.0)
      locale (~> 2.1)
      multi_json (~> 1.13)
      puppet-resource_api (~> 1.5)
      scanf (~> 1.0)
      semantic_puppet (~> 1.0)
    puppet-blacksmith (7.0.0)
      puppet-modulebuilder (~> 1.0)
      rest-client (~> 2.0)
    puppet-lint (4.2.4)
    puppet-lint-absolute_classname-check (4.0.0)
      puppet-lint (>= 3.0, < 5)
    puppet-lint-anchor-check (2.0.0)
      puppet-lint (>= 3, < 5)
    puppet-lint-file_ensure-check (2.0.0)
      puppet-lint (>= 3, < 5)
    puppet-lint-leading_zero-check (2.0.0)
      puppet-lint (>= 3, < 5)
    puppet-lint-lookup_in_parameter-check (2.0.0)
      puppet-lint (>= 3, < 5)
    puppet-lint-manifest_whitespace-check (0.3.0)
      puppet-lint (>= 1.0, < 5)
    puppet-lint-optional_default-check (2.0.0)
      puppet-lint (>= 3, < 5)
    puppet-lint-param-docs (2.0.0)
      puppet-lint (>= 3, < 5)
    puppet-lint-param-types (2.0.0)
      puppet-lint (>= 3, < 5)
    puppet-lint-params_empty_string-check (2.0.0)
      puppet-lint (>= 3, < 5)
    puppet-lint-resource_reference_syntax (2.0.0)
      puppet-lint (>= 3, < 5)
    puppet-lint-strict_indent-check (3.0.0)
      puppet-lint (>= 3, < 5)
    puppet-lint-topscope-variable-check (2.0.0)
      puppet-lint (>= 3, < 5)
    puppet-lint-trailing_comma-check (2.0.0)
      puppet-lint (>= 3, < 5)
    puppet-lint-unquoted_string-check (3.0.0)
      puppet-lint (>= 3, < 5)
    puppet-lint-variable_contains_upcase (2.0.0)
      puppet-lint (>= 3, < 5)
    puppet-lint-version_comparison-check (2.0.0)
      puppet-lint (>= 3, < 5)
    puppet-modulebuilder (1.1.0)
      minitar (~> 0.9)
      pathspec (>= 0.2.1, < 3.0.0)
    puppet-resource_api (1.9.0)
      hocon (>= 1.0)
    puppet-syntax (4.1.1)
      puppet (>= 7, < 9)
      rake (~> 13.1)
    puppetlabs_spec_helper (8.0.0)
      mocha (>= 1.0, < 3)
      pathspec (>= 0.2, < 3)
      puppet-lint (~> 4.0)
      puppet-syntax (~> 4.1, >= 4.1.1)
      rspec-github (~> 2.0)
      rspec-puppet (~> 5.0)
    racc (1.8.1)
    rainbow (3.1.1)
    rake (13.2.1)
    regexp_parser (2.9.2)
    rest-client (2.1.0)
      http-accept (>= 1.7.0, < 2.0)
      http-cookie (>= 1.0.2, < 2.0)
      mime-types (>= 1.16, < 4.0)
      netrc (~> 0.8)
    rspec (3.13.0)
      rspec-core (~> 3.13.0)
      rspec-expectations (~> 3.13.0)
      rspec-mocks (~> 3.13.0)
    rspec-core (3.13.2)
      rspec-support (~> 3.13.0)
    rspec-expectations (3.13.3)
      diff-lcs (>= 1.2.0, < 2.0)
      rspec-support (~> 3.13.0)
    rspec-github (2.4.0)
      rspec-core (~> 3.0)
    rspec-mocks (3.13.2)
      diff-lcs (>= 1.2.0, < 2.0)
      rspec-support (~> 3.13.0)
    rspec-puppet (5.0.0)
      rspec (~> 3.0)
    rspec-puppet-facts (5.1.0)
      deep_merge (~> 1.2)
      facter (< 5)
      facterdb (~> 3.1)
      puppet (>= 7, < 9)
    rspec-support (3.13.1)
    rubocop (1.67.0)
      json (~> 2.3)
      language_server-protocol (>= 3.17.0)
      parallel (~> 1.10)
      parser (>= 3.3.0.2)
      rainbow (>= 2.2.2, < 4.0)
      regexp_parser (>= 2.4, < 3.0)
      rubocop-ast (>= 1.32.2, < 2.0)
      ruby-progressbar (~> 1.7)
      unicode-display_width (>= 2.4.0, < 3.0)
    rubocop-ast (1.32.3)
      parser (>= 3.3.1.0)
    ruby-progressbar (1.13.0)
    ruby2_keywords (0.0.5)
    scanf (1.0.0)
    semantic_puppet (1.1.0)
    singleton (0.2.0)
    thor (1.2.2)
    unicode-display_width (2.6.0)
    voxpupuli-puppet-lint-plugins (5.0.0)
      puppet-lint (~> 4.0)
      puppet-lint-absolute_classname-check (~> 4.0)
      puppet-lint-anchor-check (~> 2.0)
      puppet-lint-file_ensure-check (~> 2.0)
      puppet-lint-leading_zero-check (~> 2.0)
      puppet-lint-lookup_in_parameter-check (~> 2.0)
      puppet-lint-manifest_whitespace-check (~> 0.3, < 1.0.0)
      puppet-lint-optional_default-check (~> 2.0)
      puppet-lint-param-docs (~> 2.0)
      puppet-lint-param-types (~> 2.0)
      puppet-lint-params_empty_string-check (~> 2.0)
      puppet-lint-resource_reference_syntax (~> 2.0)
      puppet-lint-strict_indent-check (~> 3.0)
      puppet-lint-topscope-variable-check (~> 2.0)
      puppet-lint-trailing_comma-check (~> 2.0)
      puppet-lint-unquoted_string-check (~> 3.0)
      puppet-lint-variable_contains_upcase (~> 2.0)
      puppet-lint-version_comparison-check (~> 2.0)
    yaml-lint (0.1.2)

PLATFORMS
  x86_64-linux

DEPENDENCIES
  facter (~> 4.9)
  facterdb (~> 3.4)
  hiera (~> 3.12)
  json (~> 2.7)
  puppet (~> 8.0)
  puppet-blacksmith (~> 7.0)
  puppet-syntax (~> 4.1)
  puppetlabs_spec_helper (~> 8.0)
  rspec-puppet-facts (~> 5.1)
  rubocop (~> 1.67)
  voxpupuli-puppet-lint-plugins (~> 5.0)
  yaml-lint (~> 0.1.2)

RUBY VERSION
   ruby 3.2.2p53

BUNDLED WITH
   2.4.13
